PATH
  remote: .
  specs:
    attribute_translator (0.1.0)

GEM
  remote: http://rubygems.org/
  specs:

PLATFORMS
  ruby

DEPENDENCIES
  attribute_translator!
